GEM
  remote: http://rubygems.org/
  specs:
    haml (3.1.2)
    sass (3.1.4)
    shotgun (0.9)
      rack (>= 1.0)
    sinatra (1.2.6)
      rack (~> 1.1)
      tilt (< 2.0, >= 1.2.2)

PLATFORMS
  ruby

DEPENDENCIES
  SystemTimer
  haml
  sass
  shotgun
  sinatra
